PATH
  remote: .
  specs:
    rbbigquery (0.0.1)

GEM
  remote: https://rubygems.org/
  specs:

PLATFORMS
  ruby

DEPENDENCIES
  rbbigquery!
